PATH
  remote: .
  specs:
    chess2png (0.0.2)
      chess (~> 0.2.0)
      chunky_png (~> 1.3.8)

GEM
  remote: https://rubygems.org/
  specs:
    byebug (9.1.0)
    chess (0.2.0)
    chunky_png (1.3.8)

PLATFORMS
  ruby

DEPENDENCIES
  byebug
  chess2png!

BUNDLED WITH
   1.13.6
